{
    "Modality": "MR",
    "MagneticFieldStrength": 7,
    "ImagingFrequency": 298.039,
    "Manufacturer": "Philips",
    "ManufacturersModelName": "Achieva",
    "InstitutionName": "Lund MR 7T",
    "InstitutionalDepartmentName": "Not For Diagnostic Use",
    "DeviceSerialNumber": "09911",
    "StationName": "mr7t",
    "PatientPosition": "HFS",
    "ProcedureStepDescription": "MR HJ\u00c4RNA",
    "SoftwareVersions": "5.1.7\\5.1.7.0",
    "MRAcquisitionType": "3D",
    "SeriesDescription": "s_T1_3D_TFE",
    "ProtocolName": "s_T1_3D_TFE",
    "ScanningSequence": "GR",
    "SequenceVariant": "MP",
    "ScanOptions": "OTHER",
    "ImageType": [
        "ORIGINAL",
        "PRIMARY",
        "M",
        "FFE",
        "M",
        "FFE"
    ],
    "SeriesNumber": 701,
    "AcquisitionTime": "10:44:34.120000",
    "AcquisitionNumber": 7,
    "PhilipsRescaleSlope": 3.21368,
    "PhilipsRescaleIntercept": 0,
    "PhilipsScaleSlope": 0.000749593,
    "UsePhilipsFloatNotDisplayScaling": 1,
    "SliceThickness": 0.8,
    "SpacingBetweenSlices": 0.8,
    "SAR": 1.23157,
    "EchoTime": 0.001974,
    "RepetitionTime": 0.008,
    "FlipAngle": 8,
    "CoilString": "MULTI COIL",
    "PercentPhaseFOV": 100,
    "PercentSampling": 99.3056,
    "EchoTrainLength": 286,
    "PhaseEncodingSteps": 286,
    "AcquisitionMatrixPE": 286,
    "ReconMatrixPE": 288,
    "ParallelReductionOutOfPlane": 2.5,
    "WaterFatShift": 2.00123,
    "EstimatedEffectiveEchoSpacing": 6.85721e-06,
    "EstimatedTotalReadoutTime": 0.00196802,
    "PixelBandwidth": 506,
    "PhaseEncodingAxis": "i",
    "ImageOrientationPatientDICOM": [
        -0.0230228,
        0.999735,
        0.000571165,
        0.0154473,
        0.000926981,
        -0.99988
    ],
    "InPlanePhaseEncodingDirectionDICOM": "ROW",
    "ConversionSoftware": "dcm2niix",
    "ConversionSoftwareVersion": "v1.0.20201224",
    "Dcm2bidsVersion": "2.1.5"
}