{
    "Modality": "MR",
    "MagneticFieldStrength": 7,
    "ImagingFrequency": 298.039,
    "Manufacturer": "Philips",
    "ManufacturersModelName": "Achieva",
    "InstitutionName": "Lund MR 7T",
    "InstitutionalDepartmentName": "Not For Diagnostic Use",
    "DeviceSerialNumber": "09911",
    "StationName": "mr7t",
    "PatientPosition": "HFS",
    "ProcedureStepDescription": "MR HJ\u00c4RNA",
    "SoftwareVersions": "5.1.7\\5.1.7.0",
    "MRAcquisitionType": "2D",
    "SeriesDescription": "P6_CFC_OG_LTE",
    "ProtocolName": "P6_CFC_OG_LTE",
    "ScanningSequence": "SE",
    "SequenceVariant": "SK",
    "ScanOptions": "FS",
    "ImageType": [
        "ORIGINAL",
        "PRIMARY",
        "M",
        "SE",
        "M",
        "SE"
    ],
    "SeriesNumber": 1101,
    "AcquisitionTime": "11:16:24.250000",
    "AcquisitionNumber": 11,
    "PhilipsRescaleSlope": 1.56777,
    "PhilipsRescaleIntercept": 0,
    "PhilipsScaleSlope": 0.00119897,
    "UsePhilipsFloatNotDisplayScaling": 1,
    "SliceThickness": 4,
    "SpacingBetweenSlices": 4,
    "SAR": 2.35857,
    "EchoTime": 0.088,
    "RepetitionTime": 6.5,
    "FlipAngle": 90,
    "CoilString": "MULTI COIL",
    "PercentPhaseFOV": 100,
    "PercentSampling": 100,
    "EchoTrainLength": 55,
    "PartialFourierEnabled": "YES",
    "PhaseEncodingStepsNoPartialFourier": 110,
    "AcquisitionMatrixPE": 110,
    "ReconMatrixPE": 112,
    "ParallelReductionFactorInPlane": 2,
    "WaterFatShift": 39.7341,
    "EstimatedEffectiveEchoSpacing": 0.000346946,
    "EstimatedTotalReadoutTime": 0.038511,
    "PixelBandwidth": 2972,
    "PhaseEncodingAxis": "j",
    "ImageOrientationPatientDICOM": [
        0.999419,
        -0.0331877,
        0.00781994,
        0.0332042,
        0.999447,
        -0.00198221
    ],
    "InPlanePhaseEncodingDirectionDICOM": "COL",
    "ConversionSoftware": "dcm2niix",
    "ConversionSoftwareVersion": "v1.0.20201224",
    "Dcm2bidsVersion": "2.1.5"
}