{
    "Modality": "MR",
    "MagneticFieldStrength": 7,
    "ImagingFrequency": 298.039,
    "Manufacturer": "Philips",
    "ManufacturersModelName": "Achieva",
    "InstitutionName": "Lund MR 7T",
    "InstitutionalDepartmentName": "Not For Diagnostic Use",
    "DeviceSerialNumber": "09911",
    "StationName": "mr7t",
    "PatientPosition": "HFS",
    "ProcedureStepDescription": "MR HJ\u00c4RNA",
    "SoftwareVersions": "5.1.7\\5.1.7.0",
    "MRAcquisitionType": "2D",
    "SeriesDescription": "DTIB0RevEnc",
    "ProtocolName": "DTIB0RevEnc",
    "ScanningSequence": "SE",
    "SequenceVariant": "SK",
    "ScanOptions": "FS",
    "ImageType": [
        "ORIGINAL",
        "PRIMARY",
        "M",
        "SE",
        "M",
        "SE"
    ],
    "SeriesNumber": 1301,
    "AcquisitionTime": "11:48:21.630000",
    "AcquisitionNumber": 13,
    "PhilipsRescaleSlope": 2.13529,
    "PhilipsRescaleIntercept": 0,
    "PhilipsScaleSlope": 0.00370419,
    "UsePhilipsFloatNotDisplayScaling": 1,
    "SliceThickness": 2,
    "SpacingBetweenSlices": 2,
    "SAR": 2.921,
    "EchoTime": 0.073,
    "RepetitionTime": 9.612,
    "FlipAngle": 90,
    "CoilString": "MULTI COIL",
    "PercentPhaseFOV": 100,
    "PercentSampling": 97.2222,
    "EchoTrainLength": 69,
    "PartialFourierEnabled": "YES",
    "PhaseEncodingStepsNoPartialFourier": 104,
    "AcquisitionMatrixPE": 104,
    "ReconMatrixPE": 144,
    "ParallelReductionFactorInPlane": 1.5,
    "WaterFatShift": 35.651,
    "EstimatedEffectiveEchoSpacing": 0.000242513,
    "EstimatedTotalReadoutTime": 0.0346794,
    "PixelBandwidth": 3395,
    "PhaseEncodingAxis": "j",
    "ImageOrientationPatientDICOM": [
        0.998424,
        0.0338369,
        -0.0447824,
        -0.0338533,
        0.999427,
        0.000392259
    ],
    "InPlanePhaseEncodingDirectionDICOM": "COL",
    "ConversionSoftware": "dcm2niix",
    "ConversionSoftwareVersion": "v1.0.20201224",
    "Dcm2bidsVersion": "2.1.5",
    "IntendedFor": "dwi/sub-031_fat-shift-dir_A_dwi.nii.gz"
}