{
    "Modality": "MR",
    "MagneticFieldStrength": 7,
    "ImagingFrequency": 298.039,
    "Manufacturer": "Philips",
    "ManufacturersModelName": "Achieva",
    "InstitutionName": "Lund MR 7T",
    "InstitutionalDepartmentName": "Not For Diagnostic Use",
    "DeviceSerialNumber": "09911",
    "StationName": "mr7t",
    "PatientPosition": "HFS",
    "ProcedureStepDescription": "MR HJ\u00c4RNA",
    "SoftwareVersions": "5.1.7\\5.1.7.0",
    "MRAcquisitionType": "2D",
    "SeriesDescription": "DTIB0RevEnc",
    "ProtocolName": "DTIB0RevEnc",
    "ScanningSequence": "SE",
    "SequenceVariant": "SK",
    "ScanOptions": "FS",
    "ImageType": [
        "ORIGINAL",
        "PRIMARY",
        "M",
        "SE",
        "M",
        "SE"
    ],
    "SeriesNumber": 1301,
    "AcquisitionTime": "09:34:46.700000",
    "AcquisitionNumber": 13,
    "PhilipsRescaleSlope": 2.01026,
    "PhilipsRescaleIntercept": 0,
    "PhilipsScaleSlope": 0.00290459,
    "UsePhilipsFloatNotDisplayScaling": 1,
    "SliceThickness": 2,
    "SpacingBetweenSlices": 2,
    "SAR": 2.921,
    "EchoTime": 0.073,
    "RepetitionTime": 9.612,
    "FlipAngle": 90,
    "CoilString": "MULTI COIL",
    "PercentPhaseFOV": 100,
    "PercentSampling": 100,
    "EchoTrainLength": 71,
    "PartialFourierEnabled": "YES",
    "PhaseEncodingStepsNoPartialFourier": 107,
    "AcquisitionMatrixPE": 107,
    "ReconMatrixPE": 144,
    "ParallelReductionFactorInPlane": 1.5,
    "WaterFatShift": 36.6624,
    "EstimatedEffectiveEchoSpacing": 0.000249493,
    "EstimatedTotalReadoutTime": 0.0356775,
    "PixelBandwidth": 3396,
    "PhaseEncodingAxis": "j",
    "ImageOrientationPatientDICOM": [
        0.99964,
        0.0171246,
        0.0206553,
        -0.0171513,
        0.999852,
        0.00111732
    ],
    "InPlanePhaseEncodingDirectionDICOM": "COL",
    "ConversionSoftware": "dcm2niix",
    "ConversionSoftwareVersion": "v1.0.20201224",
    "Dcm2bidsVersion": "2.1.5",
    "IntendedFor": "dwi/sub-027_fat-shift-dir_A_dwi.nii.gz"
}