{
    "Modality": "MR",
    "MagneticFieldStrength": 7,
    "ImagingFrequency": 298.039,
    "Manufacturer": "Philips",
    "ManufacturersModelName": "Achieva",
    "InstitutionName": "Lund MR 7T",
    "InstitutionalDepartmentName": "Not For Diagnostic Use",
    "DeviceSerialNumber": "09911",
    "StationName": "mr7t",
    "PatientPosition": "HFS",
    "ProcedureStepDescription": "MR HJ\u00c4RNA",
    "SoftwareVersions": "5.1.7\\5.1.7.0",
    "MRAcquisitionType": "3D",
    "SeriesDescription": "s_T1_3D_TFE_deler",
    "ProtocolName": "s_T1_3D_TFE_deler",
    "ScanningSequence": "GR",
    "SequenceVariant": "SP",
    "ScanOptions": "OTHER",
    "ImageType": [
        "ORIGINAL",
        "PRIMARY",
        "M",
        "FFE",
        "M",
        "FFE"
    ],
    "SeriesNumber": 701,
    "AcquisitionTime": "12:48:36.100000",
    "AcquisitionNumber": 7,
    "PhilipsRescaleSlope": 3.02833,
    "PhilipsRescaleIntercept": 0,
    "PhilipsScaleSlope": 0.00170588,
    "UsePhilipsFloatNotDisplayScaling": 1,
    "SliceThickness": 1.6,
    "SpacingBetweenSlices": 0.8,
    "SAR": 0.0400097,
    "EchoTime": 0.001974,
    "RepetitionTime": 0.008,
    "FlipAngle": 2,
    "CoilString": "MULTI COIL",
    "PercentPhaseFOV": 100,
    "PercentSampling": 99.3056,
    "EchoTrainLength": 143,
    "PhaseEncodingSteps": 143,
    "AcquisitionMatrixPE": 143,
    "ReconMatrixPE": 288,
    "ParallelReductionOutOfPlane": 2.5,
    "WaterFatShift": 2.00123,
    "EstimatedEffectiveEchoSpacing": 6.8334e-06,
    "EstimatedTotalReadoutTime": 0.00196119,
    "PixelBandwidth": 506,
    "PhaseEncodingAxis": "i",
    "ImageOrientationPatientDICOM": [
        -0.00129712,
        0.999999,
        0.000571165,
        0.0154638,
        0.000591155,
        -0.99988
    ],
    "InPlanePhaseEncodingDirectionDICOM": "ROW",
    "ConversionSoftware": "dcm2niix",
    "ConversionSoftwareVersion": "v1.0.20201224",
    "Dcm2bidsVersion": "2.1.5",
    "IntendedFor": "anat/sub-017_PD.nii.gz"
}