{
    "Modality": "MR",
    "MagneticFieldStrength": 7,
    "ImagingFrequency": 298.039,
    "Manufacturer": "Philips",
    "ManufacturersModelName": "Achieva",
    "InstitutionName": "Lund MR 7T",
    "InstitutionalDepartmentName": "Not For Diagnostic Use",
    "DeviceSerialNumber": "09911",
    "StationName": "mr7t",
    "PatientPosition": "HFS",
    "ProcedureStepDescription": "MR HJ\u00c4RNA",
    "SoftwareVersions": "5.1.7\\5.1.7.0",
    "MRAcquisitionType": "2D",
    "SeriesDescription": "DTI-hd",
    "ProtocolName": "DTI-hd",
    "ScanningSequence": "SE",
    "SequenceVariant": "SK",
    "ScanOptions": "FS",
    "ImageType": [
        "ORIGINAL",
        "PRIMARY",
        "M",
        "SE",
        "M",
        "SE"
    ],
    "SeriesNumber": 1201,
    "AcquisitionTime": "11:27:26.300000",
    "AcquisitionNumber": 12,
    "PhilipsRescaleSlope": 1.49915,
    "PhilipsRescaleIntercept": 0,
    "PhilipsScaleSlope": 0.00324675,
    "UsePhilipsFloatNotDisplayScaling": 1,
    "SliceThickness": 2,
    "SpacingBetweenSlices": 2,
    "SAR": 3.1965,
    "EchoTime": 0.073496,
    "RepetitionTime": 9.61238,
    "FlipAngle": 90,
    "CoilString": "MULTI COIL",
    "PercentPhaseFOV": 100,
    "PercentSampling": 100,
    "EchoTrainLength": 71,
    "PartialFourierEnabled": "YES",
    "PhaseEncodingStepsNoPartialFourier": 107,
    "AcquisitionMatrixPE": 107,
    "ReconMatrixPE": 144,
    "ParallelReductionFactorInPlane": 1.5,
    "WaterFatShift": 36.6624,
    "EstimatedEffectiveEchoSpacing": 0.000249493,
    "EstimatedTotalReadoutTime": 0.0356776,
    "PixelBandwidth": 3395,
    "PhaseEncodingAxis": "j",
    "ImageOrientationPatientDICOM": [
        0.999873,
        -0.0123434,
        -0.0100858,
        0.0123096,
        0.999918,
        -0.00341025
    ],
    "InPlanePhaseEncodingDirectionDICOM": "COL",
    "ConversionSoftware": "dcm2niix",
    "ConversionSoftwareVersion": "v1.0.20201224",
    "Dcm2bidsVersion": "2.1.5"
}